GIT
  remote: https://github.com/mikeweber/markov_chain
  revision: f71e87ca46e364b179619d2e001558add72052bf
  specs:
    markov_chain (0.4.0)

GEM
  remote: https://rubygems.org/
  specs:

PLATFORMS
  ruby

DEPENDENCIES
  markov_chain!

BUNDLED WITH
   2.0.1
