GIT
  remote: https://github.com/mikeweber/markov_chain
  revision: 44f33a812c1a9a6c5e244a029acea890fec9bd83
  specs:
    markov_chain (0.5.0)

GEM
  remote: https://rubygems.org/
  specs:

PLATFORMS
  ruby

DEPENDENCIES
  markov_chain!

BUNDLED WITH
   2.0.1
